GEM
  remote: https://rubygems.org/
  specs:
    base64 (0.2.0)
    chunky_png (1.2.8)
    compass (0.12.2)
      chunky_png (~> 1.2)
      fssm (>= 0.2.7)
      sass (~> 3.1)
    daemons (1.1.9)
    eventmachine (1.0.3)
    fssm (0.2.10)
    fuji (0.1.5)
      compass
      sass
    haml (4.0.2)
      tilt
    mustermann (3.0.3)
      ruby2_keywords (~> 0.0.1)
    rack (2.2.8.1)
    rack-protection (3.2.0)
      base64 (>= 0.1.0)
      rack (~> 2.2, >= 2.2.4)
    rake (10.0.4)
    redcarpet (2.2.2)
    ruby2_keywords (0.0.5)
    sass (3.2.7)
    sinatra (3.2.0)
      mustermann (~> 3.0)
      rack (~> 2.2, >= 2.2.4)
      rack-protection (= 3.2.0)
      tilt (~> 2.0)
    thin (1.5.1)
      daemons (>= 1.0.9)
      eventmachine (>= 0.12.6)
      rack (>= 1.0.0)
    tilt (2.4.0)

PLATFORMS
  ruby

DEPENDENCIES
  compass
  fuji (~> 0.1.5)
  haml
  rake
  redcarpet
  sinatra
  thin
